GEM
  remote: https://rubygems.org/
  specs:
    rake (10.0.4)
    rubyzip (0.9.9)

PLATFORMS
  ruby
  x86-mingw32

DEPENDENCIES
  rake
  rubyzip
